GEM
  remote: https://rubygems.org/
  specs:
    charlock_holmes (0.7.7)
    escape_utils (1.2.1)
    github-linguist (7.18.0)
      charlock_holmes (~> 0.7.7)
      escape_utils (~> 1.2.0)
      mini_mime (~> 1.0)
      rugged (>= 0.25.1)
    mini_mime (1.1.2)
    rugged (1.3.0)

PLATFORMS
  ruby

DEPENDENCIES
  github-linguist

BUNDLED WITH
   2.1.4
